GEM
  remote: https://rubygems.org/
  specs:
    addressable (2.4.0)
    daemons (1.2.3)
    data_objects (0.10.17)
      addressable (~> 2.1)
    dm-aggregates (1.2.0)
      dm-core (~> 1.2.0)
    dm-core (1.2.1)
      addressable (~> 2.3)
    dm-do-adapter (1.2.0)
      data_objects (~> 0.10.6)
      dm-core (~> 1.2.0)
    dm-migrations (1.2.0)
      dm-core (~> 1.2.0)
    dm-mysql-adapter (1.2.0)
      dm-do-adapter (~> 1.2.0)
      do_mysql (~> 0.10.6)
    dm-timestamps (1.2.0)
      dm-core (~> 1.2.0)
    dm-validations (1.2.0)
      dm-core (~> 1.2.0)
    do_mysql (0.10.17)
      data_objects (= 0.10.17)
    eventmachine (1.2.0.1)
    haml (4.0.7)
      tilt
    json (1.8.3)
    rack (1.6.4)
    rack-flash (0.1.2)
      rack
    rack-protection (1.5.3)
      rack
    rufus-tokyo (1.0.7)
    sinatra (1.4.7)
      rack (~> 1.5)
      rack-protection (~> 1.4)
      tilt (>= 1.3, < 3)
    sinatra-authentication (0.4.1)
      dm-core
      dm-migrations
      dm-timestamps
      dm-validations
      rack-flash
      rufus-tokyo
      sinatra
      sinbook
    sinbook (0.1.9)
      yajl-ruby
    thin (1.6.4)
      daemons (~> 1.0, >= 1.0.9)
      eventmachine (~> 1.0, >= 1.0.4)
      rack (~> 1.0)
    tilt (2.0.2)
    yajl-ruby (1.2.1)

PLATFORMS
  ruby

DEPENDENCIES
  dm-aggregates (= 1.2.0)
  dm-core (= 1.2.1)
  dm-migrations (= 1.2.0)
  dm-mysql-adapter (= 1.2.0)
  haml (= 4.0.7)
  json (= 1.8.3)
  sinatra (= 1.4.7)
  sinatra-authentication (= 0.4.1)
  thin (= 1.6.4)
